GIT
  remote: https://github.com/ienders/capistrano-pm2.git
  revision: 9990f44e9368b5305f5b91bc50835b66fb4280ad
  specs:
    capistrano-pm2 (2.0.0)
      capistrano (>= 3.0.0)

GEM
  remote: https://rubygems.org/
  specs:
    airbrussh (1.3.1)
      sshkit (>= 1.6.1, != 1.7.0)
    bcrypt_pbkdf (1.0.0)
    capistrano (3.11.0)
      airbrussh (>= 1.0.0)
      i18n
      rake (>= 10.0.0)
      sshkit (>= 1.9.0)
    capistrano-yarn (2.0.2)
      capistrano (~> 3.0)
    concurrent-ruby (1.1.5)
    ed25519 (1.2.4)
    i18n (1.6.0)
      concurrent-ruby (~> 1.0)
    net-scp (1.2.1)
      net-ssh (>= 2.6.5)
    net-ssh (5.2.0)
    rake (12.3.2)
    sshkit (1.18.2)
      net-scp (>= 1.1.2)
      net-ssh (>= 2.8.0)

PLATFORMS
  ruby

DEPENDENCIES
  bcrypt_pbkdf
  capistrano-pm2!
  capistrano-yarn
  ed25519

BUNDLED WITH
   2.1.4
